GEM
  remote: http://rubygems.org/
  specs:
    abstract (1.0.0)
    actionmailer (3.0.5)
      actionpack (= 3.0.5)
      mail (~> 2.2.15)
    actionpack (3.0.5)
      activemodel (= 3.0.5)
      activesupport (= 3.0.5)
      builder (~> 2.1.2)
      erubis (~> 2.6.6)
      i18n (~> 0.4)
      rack (~> 1.2.1)
      rack-mount (~> 0.6.13)
      rack-test (~> 0.5.7)
      tzinfo (~> 0.3.23)
    activemodel (3.0.5)
      activesupport (= 3.0.5)
      builder (~> 2.1.2)
      i18n (~> 0.4)
    activerecord (3.0.5)
      activemodel (= 3.0.5)
      activesupport (= 3.0.5)
      arel (~> 2.0.2)
      tzinfo (~> 0.3.23)
    activeresource (3.0.5)
      activemodel (= 3.0.5)
      activesupport (= 3.0.5)
    activesupport (3.0.5)
    ancestry (1.2.3)
      activerecord (>= 2.2.2)
    arel (2.0.9)
    aws-s3 (0.6.2)
      builder
      mime-types
      xml-simple
    bcrypt-ruby (2.1.4-x86-mingw32)
    builder (2.1.2)
    configuration (1.2.0)
    devise (1.1.9)
      bcrypt-ruby (~> 2.1.2)
      warden (~> 1.0.2)
    devise_invitable (0.3.7)
      devise (~> 1.1.0)
    erubis (2.6.6)
      abstract (>= 1.0.0)
    escape (0.0.4)
    formtastic (1.2.3)
      actionpack (>= 2.3.7)
      activesupport (>= 2.3.7)
      i18n (~> 0.4)
    geocoder (0.9.13)
    heroku (1.20.1)
      launchy (~> 0.3.2)
      rest-client (< 1.7.0, >= 1.4.0)
    i18n (0.5.0)
    icalendar (1.1.6)
    jquery-rails (0.2.7)
      rails (~> 3.0)
      thor (~> 0.14.4)
    launchy (0.3.7)
      configuration (>= 0.0.5)
      rake (>= 0.8.1)
    mail (2.2.17)
      activesupport (>= 2.3.6)
      i18n (>= 0.4.0)
      mime-types (~> 1.16)
      treetop (~> 1.4.8)
    mail_form (1.3.0)
    meta-tags (1.2.3)
    mime-types (1.16)
    mocha (0.9.12)
    nifty-generators (0.4.6)
    nokogiri (1.4.4.1-x86-mingw32)
    paperclip (2.3.11)
      activerecord (>= 2.3.0)
      activesupport (>= 2.3.2)
    polyglot (0.3.1)
    pr_geohash (1.0.0)
    rack (1.2.2)
    rack-mount (0.6.14)
      rack (>= 1.0.0)
    rack-test (0.5.7)
      rack (>= 1.0)
    rails (3.0.5)
      actionmailer (= 3.0.5)
      actionpack (= 3.0.5)
      activerecord (= 3.0.5)
      activeresource (= 3.0.5)
      activesupport (= 3.0.5)
      bundler (~> 1.0)
      railties (= 3.0.5)
    railties (3.0.5)
      actionpack (= 3.0.5)
      activesupport (= 3.0.5)
      rake (>= 0.8.7)
      thor (~> 0.14.4)
    rake (0.8.7)
    rest-client (1.6.1)
      mime-types (>= 1.16)
    rsolr (0.12.1)
      builder (>= 2.1.2)
    sqlite3 (1.3.3-x86-mingw32)
    sqlite3-ruby (1.3.3)
      sqlite3 (>= 1.3.3)
    sunspot (1.2.1)
      escape (= 0.0.4)
      pr_geohash (~> 1.0)
      rsolr (= 0.12.1)
    sunspot_rails (1.2.1)
      nokogiri
      sunspot (= 1.2.1)
    thor (0.14.6)
    timeliness (0.3.3)
    treetop (1.4.9)
      polyglot (>= 0.3.1)
    tzinfo (0.3.26)
    validates_timeliness (3.0.5)
      timeliness (~> 0.3.2)
    validation_reflection (1.0.0)
    warden (1.0.3)
      rack (>= 1.0.0)
    will_paginate (3.0.pre2)
    xml-simple (1.0.15)
    yaml_db (0.2.1)

PLATFORMS
  x86-mingw32

DEPENDENCIES
  ancestry
  aws-s3
  devise (~> 1.1.3)
  devise_invitable (~> 0.3.4)
  formtastic
  geocoder
  heroku
  icalendar
  jquery-rails
  mail_form
  meta-tags
  mocha
  nifty-generators
  nokogiri (~> 1.4.4.1)
  paperclip
  rails (= 3.0.5)
  sqlite3-ruby
  sunspot_rails
  timeliness
  validates_timeliness
  validation_reflection
  will_paginate (= 3.0.pre2)
  yaml_db
